PATH
  remote: .
  specs:
    easypost (1.2)
      multi_json (>= 1.0.4, < 2)
      rest-client (~> 1.4)
      typhoeus (~> 0.5.3)

GEM
  remote: https://rubygems.org/
  specs:
    ethon (0.5.12)
      ffi (>= 1.3.0)
      mime-types (~> 1.18)
    ffi (1.8.1)
    mime-types (1.23)
    multi_json (1.7.2)
    rest-client (1.6.7)
      mime-types (>= 1.16)
    typhoeus (0.5.4)
      ethon (~> 0.5.7)

PLATFORMS
  ruby

DEPENDENCIES
  easypost!
